ObjectType = Image
NDims = 3
BinaryData = True
BinaryDataByteOrderMSB = False
CompressedData = True
CompressedDataSize = 38193095
TransformMatrix = 1 0 0 0 1 0 0 0 1
Offset = 0 0 0
CenterOfRotation = 0 0 0
AnatomicalOrientation = RAI
ElementSpacing = 352.778 352.778 1
DimSize = 601 270 335
ElementType = MET_SHORT
ElementDataFile = 72h_Template_SDT.zraw
