ObjectType = Image
NDims = 3
BinaryData = True
BinaryDataByteOrderMSB = False
CompressedData = True
CompressedDataSize = 22359591
TransformMatrix = 1 0 0 0 1 0 0 0 1
Offset = 0 0 0
CenterOfRotation = 0 0 0
AnatomicalOrientation = RAI
ElementSpacing = 352.778 352.778 1
ITK_InputFilterName = MetaImageIO
DimSize = 601 270 335
ElementType = MET_USHORT
ElementDataFile = 72h_Template_PP.zraw
