ObjectType = Image
NDims = 3
BinaryData = True
BinaryDataByteOrderMSB = False
CompressedData = True
CompressedDataSize = 982632
TransformMatrix = 1 0 0 0 1 0 0 0 1
Offset = 0 0 0
CenterOfRotation = 0 0 0
AnatomicalOrientation = RAI
ElementSpacing = 0.45664 0.45664 2
DimSize = 256 512 64
ElementType = MET_SHORT
ElementDataFile = AtlasImgMedian_Mask_sdt.zraw
