ObjectType = Image
NDims = 3
BinaryData = True
BinaryDataByteOrderMSB = False
CompressedData = True
CompressedDataSize = 36487755
TransformMatrix = 1 0 0 0 1 0 0 0 1
Offset = 0 0 0
CenterOfRotation = 0 0 0
AnatomicalOrientation = RAI
ElementSpacing = 1 1 1
ITK_InputFilterName = MetaImageIO
DimSize = 921 406 280
ElementType = MET_USHORT
ElementDataFile = B7_Flip_PP.zraw
