ObjectType = Image
NDims = 3
BinaryData = True
BinaryDataByteOrderMSB = False
CompressedData = True
CompressedDataSize = 20403356
TransformMatrix = 1 0 0 0 1 0 0 0 1
Offset = 0 0 0
CenterOfRotation = 0 0 0
AnatomicalOrientation = RAI
ElementSpacing = 1 1 1
ITK_InputFilterName = MetaImageIO
DimSize = 601 270 342
ElementType = MET_USHORT
ElementDataFile = D5_PP.zraw
