ObjectType = Image
NDims = 3
BinaryData = True
BinaryDataByteOrderMSB = False
CompressedData = True
CompressedDataSize = 12012792
TransformMatrix = 1 0 0 0 1 0 0 0 1
Offset = 0 0 0
CenterOfRotation = 0 0 0
AnatomicalOrientation = RAI
ElementSpacing = 1 1 1
DimSize = 620 276 300
ElementType = MET_SHORT
ElementDataFile = Flip_96h_2208_B4_NCad_CLAHE_SDT.zraw
