ObjectType = Image
NDims = 3
BinaryData = True
BinaryDataByteOrderMSB = True
DimSize = 512 512 30
ElementSize = 1.0 1.0 1.0
ElementType = MET_UCHAR
ElementDataFile = rich_1.raw
